GEM
  remote: https://rubygems.org/
  specs:
    activemodel (8.0.2)
      activesupport (= 8.0.2)
    activerecord (8.0.2)
      activemodel (= 8.0.2)
      activesupport (= 8.0.2)
      timeout (>= 0.4.0)
    activesupport (8.0.2)
      base64
      benchmark (>= 0.3)
      bigdecimal
      concurrent-ruby (~> 1.0, >= 1.3.1)
      connection_pool (>= 2.2.5)
      drb
      i18n (>= 1.6, < 2)
      logger (>= 1.4.2)
      minitest (>= 5.1)
      securerandom (>= 0.3)
      tzinfo (~> 2.0, >= 2.0.5)
      uri (>= 0.13.1)
    base64 (0.2.0)
    benchmark (0.4.0)
    bigdecimal (3.1.9)
    bullet (8.0.3)
      activesupport (>= 3.0.0)
      uniform_notifier (~> 1.11)
    coderay (1.1.3)
    concurrent-ruby (1.3.5)
    connection_pool (2.5.0)
    drb (2.2.1)
    i18n (1.14.7)
      concurrent-ruby (~> 1.0)
    logger (1.7.0)
    method_source (1.1.0)
    minitest (5.25.5)
    pry (0.15.2)
      coderay (~> 1.1)
      method_source (~> 1.0)
    rake (13.2.1)
    securerandom (0.4.1)
    sqlite3 (2.6.0-aarch64-linux-gnu)
    sqlite3 (2.6.0-aarch64-linux-musl)
    sqlite3 (2.6.0-arm-linux-gnu)
    sqlite3 (2.6.0-arm-linux-musl)
    sqlite3 (2.6.0-arm64-darwin)
    sqlite3 (2.6.0-x86-linux-gnu)
    sqlite3 (2.6.0-x86-linux-musl)
    sqlite3 (2.6.0-x86_64-darwin)
    sqlite3 (2.6.0-x86_64-linux-gnu)
    sqlite3 (2.6.0-x86_64-linux-musl)
    timeout (0.4.3)
    tzinfo (2.0.6)
      concurrent-ruby (~> 1.0)
    uniform_notifier (1.16.0)
    uri (1.0.3)

PLATFORMS
  aarch64-linux-gnu
  aarch64-linux-musl
  arm-linux-gnu
  arm-linux-musl
  arm64-darwin
  x86-linux-gnu
  x86-linux-musl
  x86_64-darwin
  x86_64-linux-gnu
  x86_64-linux-musl

DEPENDENCIES
  activerecord
  bullet
  minitest
  pry
  rake
  sqlite3

RUBY VERSION
   ruby 3.3.7p123

BUNDLED WITH
   2.5.22
